PATH
  remote: .
  specs:
    piquant (0.0.0)

GEM
  remote: http://rubygems.org/
  specs:
    minitest (2.6.1)
    rake (0.9.2)

PLATFORMS
  ruby

DEPENDENCIES
  minitest (>= 2.3)
  piquant!
  rake
